GEM
  remote: https://rubygems.org/
  specs:
    actionmailer (4.0.0)
      actionpack (= 4.0.0)
      mail (~> 2.5.3)
    actionpack (4.0.0)
      activesupport (= 4.0.0)
      builder (~> 3.1.0)
      erubis (~> 2.7.0)
      rack (~> 1.5.2)
      rack-test (~> 0.6.2)
    activemodel (4.0.0)
      activesupport (= 4.0.0)
      builder (~> 3.1.0)
    activerecord (4.0.0)
      activemodel (= 4.0.0)
      activerecord-deprecated_finders (~> 1.0.2)
      activesupport (= 4.0.0)
      arel (~> 4.0.0)
    activerecord-deprecated_finders (1.0.3)
    activesupport (4.0.0)
      i18n (~> 0.6, >= 0.6.4)
      minitest (~> 4.2)
      multi_json (~> 1.3)
      thread_safe (~> 0.1)
      tzinfo (~> 0.3.37)
    arel (4.0.1)
    ast (2.0.0)
    astrolabe (1.3.0)
      parser (>= 2.2.0.pre.3, < 3.0)
    atomic (1.1.14)
    builder (3.1.4)
    coffee-rails (4.0.1)
      coffee-script (>= 2.2.0)
      railties (>= 4.0.0, < 5.0)
    coffee-rails-source-maps (1.3.6)
      coffee-script-source (>= 1.6.1)
    coffee-script (2.2.0)
      coffee-script-source
      execjs
    coffee-script-source (1.6.3)
    commonjs (0.2.6)
    daemons (1.1.9)
    database_cleaner (1.3.0)
    diff-lcs (1.2.5)
    docile (1.1.5)
    em-synchrony (1.0.4)
      eventmachine (>= 1.0.0.beta.1)
    erubis (2.7.0)
    eventmachine (1.0.3)
    execjs (2.0.2)
    factory_girl (4.4.0)
      activesupport (>= 3.0.0)
    factory_girl_rails (4.4.1)
      factory_girl (~> 4.4.0)
      railties (>= 3.0.0)
    faraday (0.9.0)
      multipart-post (>= 1.2, < 3)
    faye-websocket (0.9.2)
      eventmachine (>= 0.12.0)
      websocket-driver (>= 0.5.1)
    font-awesome-rails (4.4.0.0)
      railties (>= 3.2, < 5.0)
    foreigner (1.6.1)
      activerecord (>= 3.0.0)
    hashie (3.2.0)
    hike (1.2.3)
    hiredis (0.6.0)
    i18n (0.6.5)
    jbuilder (1.5.2)
      activesupport (>= 3.0.0)
      multi_json (>= 1.2.0)
    jquery-rails (3.0.4)
      railties (>= 3.0, < 5.0)
      thor (>= 0.14, < 2.0)
    json (1.8.1)
    jwt (1.0.0)
    less (2.3.2)
      commonjs (~> 0.2.6)
    less-rails (2.3.3)
      actionpack (>= 3.1)
      less (~> 2.3.1)
    libv8 (3.11.8.17)
    mail (2.5.4)
      mime-types (~> 1.16)
      treetop (~> 1.4.8)
    mime-types (1.25)
    minitest (4.7.5)
    multi_json (1.8.2)
    multi_xml (0.5.5)
    multipart-post (2.0.0)
    newrelic_rpm (3.7.0.177)
    oauth2 (1.0.0)
      faraday (>= 0.8, < 0.10)
      jwt (~> 1.0)
      multi_json (~> 1.3)
      multi_xml (~> 0.5)
      rack (~> 1.2)
    omniauth (1.2.2)
      hashie (>= 1.2, < 4)
      rack (~> 1.0)
    omniauth-facebook (2.0.0)
      omniauth-oauth2 (~> 1.2)
    omniauth-oauth2 (1.2.0)
      faraday (>= 0.8, < 0.10)
      multi_json (~> 1.3)
      oauth2 (~> 1.0)
      omniauth (~> 1.2)
    parser (2.2.0.pre.8)
      ast (>= 1.1, < 3.0)
      slop (~> 3.4, >= 3.4.5)
    paypal-sdk-rest (1.2.1)
      multi_json (~> 1.0)
      uuidtools (~> 2.1)
      xml-simple
    pg (0.17.0)
    polyglot (0.3.3)
    powerpack (0.0.9)
    rack (1.5.2)
    rack-test (0.6.2)
      rack (>= 1.0)
    rails (4.0.0)
      actionmailer (= 4.0.0)
      actionpack (= 4.0.0)
      activerecord (= 4.0.0)
      activesupport (= 4.0.0)
      bundler (>= 1.3.0, < 2.0)
      railties (= 4.0.0)
      sprockets-rails (~> 2.0.0)
    rails_12factor (0.0.2)
      rails_serve_static_assets
      rails_stdout_logging
    rails_serve_static_assets (0.0.1)
    rails_stdout_logging (0.0.3)
    railties (4.0.0)
      actionpack (= 4.0.0)
      activesupport (= 4.0.0)
      rake (>= 0.8.7)
      thor (>= 0.18.1, < 2.0)
    rainbow (2.0.0)
    rake (10.3.2)
    rdoc (3.12.2)
      json (~> 1.4)
    redis (3.2.1)
    redis-objects (1.2.0)
      redis (>= 3.0.2)
    ref (1.0.5)
    rspec-collection_matchers (0.0.2)
      rspec-expectations (>= 2.99.0.beta1)
    rspec-core (3.0.0.beta1)
      rspec-support (= 3.0.0.beta1)
    rspec-expectations (3.0.0.beta1)
      diff-lcs (>= 1.1.3, < 2.0)
      rspec-support (= 3.0.0.beta1)
    rspec-mocks (3.0.0.beta1)
    rspec-rails (3.0.0.beta1)
      actionpack (>= 3.0)
      activemodel (>= 3.0)
      activesupport (>= 3.0)
      railties (>= 3.0)
      rspec-collection_matchers
      rspec-core (= 3.0.0.beta1)
      rspec-expectations (= 3.0.0.beta1)
      rspec-mocks (= 3.0.0.beta1)
    rspec-support (3.0.0.beta1)
    rubocop (0.27.1)
      astrolabe (~> 1.3)
      parser (>= 2.2.0.pre.7, < 3.0)
      powerpack (~> 0.0.6)
      rainbow (>= 1.99.1, < 3.0)
      ruby-progressbar (~> 1.4)
    ruby-progressbar (1.7.0)
    sass (3.2.12)
    sass-rails (4.0.1)
      railties (>= 4.0.0, < 5.0)
      sass (>= 3.1.10)
      sprockets-rails (~> 2.0.0)
    sdoc (0.3.20)
      json (>= 1.1.3)
      rdoc (~> 3.10)
    simplecov (0.9.1)
      docile (~> 1.1.0)
      multi_json (~> 1.0)
      simplecov-html (~> 0.8.0)
    simplecov-html (0.8.0)
    slop (3.6.0)
    sprockets (2.10.0)
      hike (~> 1.2)
      multi_json (~> 1.0)
      rack (~> 1.0)
      tilt (~> 1.1, != 1.3.0)
    sprockets-rails (2.0.1)
      actionpack (>= 3.0)
      activesupport (>= 3.0)
      sprockets (~> 2.8)
    therubyracer (0.11.4)
      libv8 (~> 3.11.8.12)
      ref
    thin (1.5.1)
      daemons (>= 1.0.9)
      eventmachine (>= 0.12.6)
      rack (>= 1.0.0)
    thor (0.18.1)
    thread_safe (0.1.3)
      atomic
    tilt (1.4.1)
    treetop (1.4.15)
      polyglot
      polyglot (>= 0.3.1)
    turbolinks (1.3.0)
      coffee-rails
    tzinfo (0.3.38)
    uglifier (2.3.0)
      execjs (>= 0.3.0)
      json (>= 1.8.0)
    uuidtools (2.1.5)
    websocket-driver (0.5.4)
      websocket-extensions (>= 0.1.0)
    websocket-extensions (0.1.2)
    websocket-rails (0.7.0)
      em-synchrony
      faye-websocket
      hiredis
      rack
      rails
      redis
      redis-objects
      thin
    xml-simple (1.1.5)

PLATFORMS
  ruby

DEPENDENCIES
  coffee-rails (~> 4.0.0)
  coffee-rails-source-maps
  database_cleaner (~> 1.3.0)
  factory_girl_rails (~> 4.0)
  font-awesome-rails
  foreigner
  jbuilder (~> 1.2)
  jquery-rails
  less-rails
  newrelic_rpm
  omniauth
  omniauth-facebook
  paypal-sdk-rest
  pg
  rails (= 4.0.0)
  rails_12factor
  rspec-rails
  rubocop
  sass-rails (~> 4.0.0)
  sdoc
  simplecov
  therubyracer
  thin
  tilt
  turbolinks
  uglifier (>= 1.3.0)
  websocket-rails
